PATH
  remote: .
  specs:
    mt940 (0.8.0)

GEM
  remote: http://rubygems.org/
  specs:
    awesome_print (1.2.0)
    celluloid (0.15.2)
      timers (~> 1.1.0)
    codeclimate-test-reporter (0.3.0)
      simplecov (>= 0.7.1, < 1.0.0)
    coderay (1.1.0)
    docile (1.1.3)
    ffi (1.9.3)
    formatador (0.2.4)
    guard (2.2.5)
      formatador (>= 0.2.4)
      listen (~> 2.1)
      lumberjack (~> 1.0)
      pry (>= 0.9.12)
      thor (>= 0.18.1)
    guard-test (2.0.3)
      guard (~> 2.0)
      test-unit (~> 2.2)
    listen (2.4.0)
      celluloid (>= 0.15.2)
      rb-fsevent (>= 0.9.3)
      rb-inotify (>= 0.9)
    lumberjack (1.0.4)
    method_source (0.8.2)
    multi_json (1.9.2)
    pry (0.9.12.4)
      coderay (~> 1.0)
      method_source (~> 0.8)
      slop (~> 3.4)
    rake (10.1.1)
    rb-fsevent (0.9.3)
    rb-inotify (0.9.3)
      ffi (>= 0.5.0)
    shoulda (2.11.3)
    simplecov (0.8.2)
      docile (~> 1.1.0)
      multi_json
      simplecov-html (~> 0.8.0)
    simplecov-html (0.8.0)
    slop (3.4.7)
    test-unit (2.5.5)
    thor (0.18.1)
    timers (1.1.0)

PLATFORMS
  ruby

DEPENDENCIES
  awesome_print
  codeclimate-test-reporter
  guard-test
  mt940!
  rake (~> 10.1.1)
  shoulda
